{
	"AcquisitionMatrixPE": 224,
	"Dimensions": [
		256,
		256,
		32],	
	"FlipAngle": 90,
	"InversionTime": 2.25,
	"ManufacturersModelName": "SIGNA HDx",
	"PercentPhaseFOV": 100,
	"PixelBandwidth": 244.141,
	"SequenceVariant": "SK",
	"SliceThickness": 5,
	"SoftwareVersions": "14\\LX\\MR Software release:14.0_M5_0737.f",
	"VoxelSizes": [
		0.9375000,
		0.9375000,
		5.0002213],
	"Modality": "MR",
	"MagneticFieldStrength": 3,
	"Hospital": "UCLH",
	"exam_type": "imaging"
}
