{
  "AcquisitionMatrixPE": 256,
  "ColString": null,
  "Dimensions": [
    256,
    220,
    256
  ],
  "FlipAngle": 11,
  "InversionTime": 0.4,
  "ManufacturersModelName": "DISCOVERY MR750",
  "ParallelReductionFactorInPlane": 1.96924,
  "PercentPhaseFOV": 80,
  "PixelBandwidth": 244.141,
  "ReconMatrixPE": 256,
  "SequenceVariant": "SS\\SP\\SK",
  "SliceThickness": 1,
  "SoftwareVersions": "24\\LX\\MR Software release:DV24.0_R01_1344.a",
  "VoxelSizes": [
    1,
    0.999865,
    1
  ],
  "Modality": "MR",
  "MagneticFieldStrength": 3,
  "Hospital": "UCLH",
  "exam_type": "imaging"
}
