{
  "AcquisitionMatrixPE": 224,
  "ColString": null,
  "Dimensions": null,
  "FlipAngle": 90,
  "InversionTime": 2.25,
  "ManufacturersModelName": "SIGNA HDx",
  "ParallelReductionFactorInPlane": null,
  "PercentPhaseFOV": 100,
  "PixelBandwidth": 244.141,
  "ReconMatrixPE": 256,
  "SequenceVariant": "SK",
  "SliceThickness": 5,
  "SoftwareVersions": "14\\LX\\MR Software release:14.0_M5_0737.f",
  "VoxelSizes": null,
  "Modality": "MR",
  "MagneticFieldStrength": 3,
  "Hospital": null,
  "exam_type": null
}
