{
  "AcquisitionMatrixPE": 256,
  "ColString": null,
  "Dimensions": [
    256,
    198,
    256
  ],
  "FlipAngle": 11,
  "InversionTime": 0.4,
  "ManufacturersModelName": "DISCOVERY MR750",
  "ParallelReductionFactorInPlane": 2,
  "PercentPhaseFOV": 75,
  "PixelBandwidth": 244.141,
  "ReconMatrixPE": 256,
  "SequenceVariant": "SS\\SP\\SK",
  "SliceThickness": 1.2,
  "VoxelSizes": [
    1.0547,
    1.2,
    1.0547
  ],
  "Modality": "MR",
  "MagneticFieldStrength": 3,
  "Hospital": "UCLH",
  "exam_type": "imaging"
}
