{
  "AcquisitionMatrixPE": 256,
  "ColString": null,
  "Dimensions": [
    256,
    122,
    256
  ],
  "FlipAngle": 90,
  "InversionTime": 1.885,
  "ManufacturersModelName": "DISCOVERY MR750",
  "ParallelReductionFactorInPlane": 2,
  "PercentPhaseFOV": 70,
  "PixelBandwidth": 244.141,
  "ReconMatrixPE": 256,
  "SequenceVariant": "SK",
  "SliceThickness": 2,
  "SoftwareVersions": "24\\LX\\MR Software release:DV24.0_R01_1344.a",
  "VoxelSizes": [
    0.9375,
    2,
    0.9375
  ],
  "Modality": "MR",
  "MagneticFieldStrength": 3,
  "Hospital": "UCLH",
  "exam_type": "imaging"
}
