{
  "AcquisitionMatrixPE": 128,
  "ColString": null,
  "Dimensions": [
    256,
    106,
    256
  ],
  "FlipAngle": 20,
  "InversionTime": null,
  "ManufacturersModelName": "SIGNA HDx",
  "ParallelReductionFactorInPlane": 2,
  "PercentPhaseFOV": 100,
  "PixelBandwidth": 244.141,
  "ReconMatrixPE": 256,
  "SequenceVariant": "SS\\SP\\SK",
  "SliceThickness": 1.5,
  "VoxelSizes": [
    0.9375,
    1.5,
    0.9375
  ],
  "Modality": "MR",
  "MagneticFieldStrength": 3,
  "Hospital": "UCLH",
  "exam_type": "imaging"
}
