{
  "AcquisitionMatrixPE": 256,
  "ColString": null,
  "Dimensions": [
    256,
    220,
    256
  ],
  "FlipAngle": 90,
  "InversionTime": 1.86,
  "ManufacturersModelName": "DISCOVERY MR750",
  "ParallelReductionFactorInPlane": 2,
  "PercentPhaseFOV": 70,
  "PixelBandwidth": 244.141,
  "ReconMatrixPE": 256,
  "SequenceVariant": "NONE",
  "SliceThickness": 1,
  "SoftwareVersions": "24\\LX\\MR Software release:DV24.0_R01_1344.a",
  "VoxelSizes": [
    1,
    0.9998794,
    1
  ],
  "Modality": "MR",
  "MagneticFieldStrength": 3,
  "Hospital": "UCLH",
  "exam_type": "imaging"
}
