{
  "AcquisitionMatrixPE": 224,
  "ColString": null,
  "Dimensions": [
    512,
    512,
    30
  ],
  "FlipAngle": 90,
  "InversionTime": 2.25,
  "ManufacturersModelName": "SIGNA EXCITE",
  "ParallelReductionFactorInPlane": null,
  "PercentPhaseFOV": 100,
  "PixelBandwidth": 122.07,
  "ReconMatrixPE": 512,
  "SequenceVariant": "NONE",
  "SliceThickness": 5,
  "SoftwareVersions": "11",
  "VoxelSizes": [
    0.468755,
    0.468751,
    4.9997826
  ],
  "Modality": "MR",
  "MagneticFieldStrength": 3,
  "Hospital": "UCLH",
  "exam_type": "imaging"
}
