{
  "AcquisitionMatrixPE": 256,
  "ColString": null,
  "Dimensions": [
    569,
    569,
    129
  ],
  "FlipAngle": 11,
  "InversionTime": 0.4,
  "ManufacturersModelName": "DISCOVERY MR750",
  "ParallelReductionFactorInPlane": null,
  "PercentPhaseFOV": 80,
  "PixelBandwidth": 109.842,
  "ReconMatrixPE": 569,
  "SequenceVariant": "SS\\SP\\SK",
  "SliceThickness": 1,
  "VoxelSizes": [
    0.4217926,
    0.4217926,
    1
  ],
  "Modality": "MR",
  "MagneticFieldStrength": 3,
  "Hospital": "UCLH",
  "exam_type": "imaging"
}
