{
  "AcquisitionMatrixPE": 256,
  "ColString": null,
  "Dimensions": [
    256,
    170,
    256
  ],
  "FlipAngle": 20,
  "InversionTime": 0.45,
  "ManufacturersModelName": "SIGNA EXCITE",
  "ParallelReductionFactorInPlane": null,
  "PercentPhaseFOV": 75,
  "PixelBandwidth": 244.141,
  "ReconMatrixPE": 256,
  "SequenceVariant": "SS\\SP\\SK",
  "SliceThickness": 1.1,
  "VoxelSizes": [
    0.937499,
    1.1,
    0.937493
  ],
  "Modality": "MR",
  "MagneticFieldStrength": 3,
  "Hospital": "UCLH",
  "exam_type": "imaging"
}
