{
  "AcquisitionMatrixPE": 224,
  "ColString": null,
  "Dimensions": [
    256,
    256,
    32
  ],
  "FlipAngle": 90,
  "InversionTime": 2.25,
  "ManufacturersModelName": "SIGNA EXCITE",
  "ParallelReductionFactorInPlane": null,
  "PercentPhaseFOV": 100,
  "PixelBandwidth": 244.141,
  "ReconMatrixPE": 256,
  "SequenceVariant": "NONE",
  "SliceThickness": 5,
  "SoftwareVersions": "12\\LX\\MR Software release:12.0_M4_0520.a",
  "VoxelSizes": [
    0.937496,
    0.937501,
    5.0001507
  ],
  "Modality": "MR",
  "MagneticFieldStrength": 3,
  "Hospital": "UCLH",
  "exam_type": "imaging"
}
