{
  "AcquisitionMatrixPE": 256,
  "ColString": null,
  "Dimensions": [
    512,
    512,
    133
  ],
  "FlipAngle": 11,
  "InversionTime": 0.4,
  "ManufacturersModelName": "DISCOVERY MR750",
  "ParallelReductionFactorInPlane": null,
  "PercentPhaseFOV": 80,
  "PixelBandwidth": 122.071,
  "ReconMatrixPE": 512,
  "SequenceVariant": "SS\\SP\\SK",
  "SliceThickness": 0.999999,
  "VoxelSizes": [
    0.46875,
    0.46875,
    0.9999986
  ],
  "Modality": "MR",
  "MagneticFieldStrength": 3,
  "Hospital": "UCLH",
  "exam_type": "imaging"
}
